GEM
  remote: https://rubygems.org/
  specs:
    ZenTest (4.11.1)
    activemodel (5.1.2)
      activesupport (= 5.1.2)
    activerecord (5.1.2)
      activemodel (= 5.1.2)
      activesupport (= 5.1.2)
      arel (~> 8.0)
    activesupport (5.1.2)
      concurrent-ruby (~> 1.0, >= 1.0.2)
      i18n (~> 0.7)
      minitest (~> 5.1)
      tzinfo (~> 1.1)
    addressable (2.5.2)
      public_suffix (>= 2.0.2, < 4.0)
    appengine (0.4.1)
      google-cloud-env (~> 1.0)
      stackdriver (~> 0.7)
    arel (8.0.0)
    binding_of_caller (0.7.2)
      debug_inspector (>= 0.0.1)
    concurrent-ruby (1.0.5)
    debug_inspector (0.0.3)
    faraday (0.13.1)
      multipart-post (>= 1.2, < 3)
    google-cloud-core (1.0.0)
      google-cloud-env (~> 1.0)
      googleauth (~> 0.5.1)
    google-cloud-debugger (0.28.0)
      binding_of_caller (~> 0.7)
      google-cloud-core (~> 1.0)
      google-cloud-logging (~> 1.0)
      google-gax (~> 0.8.0)
      stackdriver-core (~> 1.2)
    google-cloud-env (1.0.1)
      faraday (~> 0.11)
    google-cloud-error_reporting (0.26.1)
      google-cloud-core (~> 1.0)
      google-gax (~> 0.8.0)
      stackdriver-core (~> 1.2)
    google-cloud-logging (1.2.1)
      google-cloud-core (~> 1.0)
      google-gax (~> 0.8.0)
      stackdriver-core (~> 1.2)
    google-cloud-trace (0.27.0)
      google-cloud-core (~> 1.0)
      google-gax (~> 0.8.0)
      stackdriver-core (~> 1.2)
    google-gax (0.8.6)
      google-protobuf (~> 3.2)
      googleapis-common-protos (~> 1.3.5)
      googleauth (~> 0.5.1)
      grpc (~> 1.0)
      rly (~> 0.2.3)
    google-protobuf (3.4.0.2)
    googleapis-common-protos (1.3.5)
      google-protobuf (~> 3.2)
      grpc (~> 1.0)
    googleauth (0.5.3)
      faraday (~> 0.12)
      jwt (~> 1.4)
      logging (~> 2.0)
      memoist (~> 0.12)
      multi_json (~> 1.11)
      os (~> 0.9)
      signet (~> 0.7)
    grpc (1.4.5)
      google-protobuf (~> 3.1)
      googleauth (~> 0.5.1)
    i18n (0.8.6)
    jwt (1.5.6)
    little-plugger (1.1.4)
    logging (2.2.2)
      little-plugger (~> 1.1)
      multi_json (~> 1.10)
    memoist (0.16.0)
    minitest (5.10.2)
    multi_json (1.12.1)
    multipart-post (2.0.0)
    mustermann (1.0.0)
    os (0.9.6)
    pg (0.21.0)
    public_suffix (3.0.0)
    rack (2.0.3)
    rack-protection (2.0.0)
      rack
    rack-test (0.7.0)
      rack (>= 1.0, < 3)
    rake (12.0.0)
    rly (0.2.3)
    signet (0.7.3)
      addressable (~> 2.3)
      faraday (~> 0.9)
      jwt (~> 1.5)
      multi_json (~> 1.10)
    sinatra (2.0.0)
      mustermann (~> 1.0)
      rack (~> 2.0)
      rack-protection (= 2.0.0)
      tilt (~> 2.0)
    sinatra-activerecord (2.0.13)
      activerecord (>= 3.2)
      sinatra (>= 1.0)
    stackdriver (0.9.0)
      google-cloud-debugger (~> 0.28.0)
      google-cloud-error_reporting (~> 0.26.0)
      google-cloud-logging (~> 1.2)
      google-cloud-trace (~> 0.27.0)
    stackdriver-core (1.2.0)
    thread_safe (0.3.6)
    tilt (2.0.7)
    tzinfo (1.2.3)
      thread_safe (~> 0.1)

PLATFORMS
  ruby

DEPENDENCIES
  ZenTest
  activerecord
  appengine
  minitest
  pg
  rack-test
  rake
  sinatra
  sinatra-activerecord
  stackdriver

BUNDLED WITH
   1.15.3
